GEM
  specs:
    haml (3.0.25)
    rack (1.2.1)
    rdiscount (1.6.5)
    sinatra (1.1.0)
      rack (~> 1.1)
      tilt (~> 1.1)
    tilt (1.1)

PLATFORMS
  ruby

DEPENDENCIES
  haml
  rdiscount
  sinatra
